GEM
  remote: http://rubygems.org/
  specs:
    actionmailer (2.3.8)
      actionpack (= 2.3.8)
    actionpack (2.3.8)
      activesupport (= 2.3.8)
      rack (~> 1.1.0)
    activerecord (2.3.8)
      activesupport (= 2.3.8)
    activeresource (2.3.8)
      activesupport (= 2.3.8)
    activesupport (2.3.8)
    facebooker (1.0.75)
      json_pure (>= 1.0.0)
    json_pure (1.4.6)
    mysql (2.8.1)
    mysql (2.8.1-x86-mingw32)
    rack (1.1.0)
    rails (2.3.8)
      actionmailer (= 2.3.8)
      actionpack (= 2.3.8)
      activerecord (= 2.3.8)
      activeresource (= 2.3.8)
      activesupport (= 2.3.8)
      rake (>= 0.8.3)
    rake (0.8.7)
    repeated_auto_complete (0.1.3)
    restful_authentication (1.1.6)
      rails (~> 2.3.4)

PLATFORMS
  x86-mingw32

DEPENDENCIES
  facebooker
  mysql (= 2.8.1)
  rails (= 2.3.8)
  repeated_auto_complete
  restful_authentication
